GEM
  remote: https://rubygems.org/
  specs:
    rake (13.0.1)
    rmagick (3.2.0)
    sprite-factory (1.7.1)

PLATFORMS
  ruby

DEPENDENCIES
  rake (~> 13.0)
  rmagick (~> 3.2.0)
  sprite-factory (~> 1.7)

BUNDLED WITH
   2.1.4
